GEM
  remote: https://rubygems.org/
  specs:
    actionmailer (4.0.0)
      actionpack (= 4.0.0)
      mail (~> 2.5.3)
    actionpack (4.0.0)
      activesupport (= 4.0.0)
      builder (~> 3.1.0)
      erubis (~> 2.7.0)
      rack (~> 1.5.2)
      rack-test (~> 0.6.2)
    activemodel (4.0.0)
      activesupport (= 4.0.0)
      builder (~> 3.1.0)
    activerecord (4.0.0)
      activemodel (= 4.0.0)
      activerecord-deprecated_finders (~> 1.0.2)
      activesupport (= 4.0.0)
      arel (~> 4.0.0)
    activerecord-deprecated_finders (1.0.3)
    activesupport (4.0.0)
      i18n (~> 0.6, >= 0.6.4)
      minitest (~> 4.2)
      multi_json (~> 1.3)
      thread_safe (~> 0.1)
      tzinfo (~> 0.3.37)
    acts_as_commentable (4.0.1)
    acts_as_follower (0.2.0)
    arel (4.0.0)
    atomic (1.1.14)
    bcrypt-ruby (3.1.2)
    bootstrap-sass (2.3.2.2)
      sass (~> 3.2)
    builder (3.1.4)
    climate_control (0.0.3)
      activesupport (>= 3.0)
    cocaine (0.5.2)
      climate_control (>= 0.0.3, < 1.0)
    coffee-rails (4.0.1)
      coffee-script (>= 2.2.0)
      railties (>= 4.0.0, < 5.0)
    coffee-script (2.2.0)
      coffee-script-source
      execjs
    coffee-script-source (1.6.3)
    devise (3.1.1)
      bcrypt-ruby (~> 3.0)
      orm_adapter (~> 0.1)
      railties (>= 3.2.6, < 5)
      thread_safe (~> 0.1)
      warden (~> 1.2.3)
    erubis (2.7.0)
    execjs (2.0.2)
    font-awesome-rails (3.2.1.3)
      railties (>= 3.2, < 5.0)
    goodreads (0.3.0)
      activesupport (>= 3)
      hashie (~> 2.0)
      i18n (~> 0.5)
      oauth (~> 0.4)
      rest-client (~> 1.6)
    haml (4.0.3)
      tilt
    hashie (2.0.5)
    hike (1.2.3)
    i18n (0.6.5)
    jquery-rails (3.0.4)
      railties (>= 3.0, < 5.0)
      thor (>= 0.14, < 2.0)
    jquery-ui-rails (4.0.5)
      railties (>= 3.1.0)
    json (1.7.7)
    kaminari (0.14.1)
      actionpack (>= 3.0.0)
      activesupport (>= 3.0.0)
    mail (2.5.4)
      mime-types (~> 1.16)
      treetop (~> 1.4.8)
    mime-types (1.25)
    mini_portile (0.5.1)
    minitest (4.7.5)
    multi_json (1.8.2)
    nested_form (0.3.2)
    nokogiri (1.6.0)
      mini_portile (~> 0.5.0)
    oauth (0.4.7)
    openlibrary (2.1.1)
      activesupport (~> 4)
      hashie (~> 2.0.2)
      json (~> 1.7.7)
      rest-client (~> 1.6)
    orm_adapter (0.4.0)
    paperclip (3.5.1)
      activemodel (>= 3.0.0)
      activesupport (>= 3.0.0)
      cocaine (~> 0.5.0)
      mime-types
    pg (0.17.0)
    polyglot (0.3.3)
    public_activity (1.4.0)
      actionpack (>= 3.0.0)
      activerecord (>= 3.0)
      i18n (>= 0.5.0)
      railties (>= 3.0.0)
    rack (1.5.2)
    rack-pjax (0.7.0)
      nokogiri (~> 1.5)
      rack (~> 1.3)
    rack-test (0.6.2)
      rack (>= 1.0)
    rails (4.0.0)
      actionmailer (= 4.0.0)
      actionpack (= 4.0.0)
      activerecord (= 4.0.0)
      activesupport (= 4.0.0)
      bundler (>= 1.3.0, < 2.0)
      railties (= 4.0.0)
      sprockets-rails (~> 2.0.0)
    rails_12factor (0.0.2)
      rails_serve_static_assets
      rails_stdout_logging
    rails_admin (0.5.0)
      bootstrap-sass (~> 2.3)
      builder (~> 3.1)
      coffee-rails (~> 4.0)
      font-awesome-rails (~> 3.0)
      haml (~> 4.0)
      jquery-rails (~> 3.0)
      jquery-ui-rails (~> 4.0)
      kaminari (~> 0.14)
      nested_form (~> 0.3)
      rack-pjax (~> 0.7)
      rails (~> 4.0.0)
      remotipart (~> 1.0)
      safe_yaml (~> 0.9)
      sass-rails (~> 4.0)
    rails_serve_static_assets (0.0.1)
    rails_stdout_logging (0.0.3)
    railties (4.0.0)
      actionpack (= 4.0.0)
      activesupport (= 4.0.0)
      rake (>= 0.8.7)
      thor (>= 0.18.1, < 2.0)
    rake (10.1.0)
    remotipart (1.2.1)
    rest-client (1.6.7)
      mime-types (>= 1.16)
    safe_yaml (0.9.7)
    sass (3.2.12)
    sass-rails (4.0.1)
      railties (>= 4.0.0, < 5.0)
      sass (>= 3.1.10)
      sprockets-rails (~> 2.0.0)
    simple_form (3.0.0)
      actionpack (>= 4.0.0, < 4.1)
      activemodel (>= 4.0.0, < 4.1)
    sprockets (2.10.0)
      hike (~> 1.2)
      multi_json (~> 1.0)
      rack (~> 1.0)
      tilt (~> 1.1, != 1.3.0)
    sprockets-rails (2.0.1)
      actionpack (>= 3.0)
      activesupport (>= 3.0)
      sprockets (~> 2.8)
    sqlite3 (1.3.8)
    thor (0.18.1)
    thread_safe (0.1.3)
      atomic
    tilt (1.4.1)
    treetop (1.4.15)
      polyglot
      polyglot (>= 0.3.1)
    tzinfo (0.3.38)
    uglifier (2.2.1)
      execjs (>= 0.3.0)
      multi_json (~> 1.0, >= 1.0.2)
    warden (1.2.3)
      rack (>= 1.0)
    will_paginate (3.0.5)

PLATFORMS
  ruby

DEPENDENCIES
  acts_as_commentable
  acts_as_follower
  bootstrap-sass
  coffee-rails
  devise
  goodreads
  jquery-rails
  openlibrary (= 2.1.1)
  paperclip (~> 3.5.0)
  pg
  public_activity
  rails
  rails_12factor
  rails_admin
  sass-rails
  simple_form
  sqlite3
  uglifier (>= 1.3.0)
  will_paginate (~> 3.0)
